GEM
  remote: https://rubygems.org/
  specs:
    json (1.8.0)
    mysql2 (0.3.13)

PLATFORMS
  ruby

DEPENDENCIES
  json (= 1.8.0)
  mysql2 (~> 0.3.11)
